GEM
  remote: https://rubygems.org/
  specs:
    execjs (2.6.0)
    ffi (1.9.10)
    json (1.8.3)
    listen (3.0.3)
      rb-fsevent (>= 0.9.3)
      rb-inotify (>= 0.9)
    rb-fsevent (0.9.6)
    rb-inotify (0.9.5)
      ffi (>= 0.5.0)
    uglifier (2.7.2)
      execjs (>= 0.3.0)
      json (>= 1.8.0)

PLATFORMS
  ruby

DEPENDENCIES
  json (>= 1.8.0)
  listen
  uglifier

BUNDLED WITH
   1.10.6
